GEM
  remote: http://rubygems.org/
  specs:
    diff-lcs (1.1.2)
    fakefs (0.3.2)
    haml (3.1.2)
    map_by_method (0.8.3)
    rake (0.9.2)
    rspec (2.6.0)
      rspec-core (~> 2.6.0)
      rspec-expectations (~> 2.6.0)
      rspec-mocks (~> 2.6.0)
    rspec-core (2.6.4)
    rspec-expectations (2.6.0)
      diff-lcs (~> 1.1.2)
    rspec-mocks (2.6.0)
    what_methods (1.0.1)

PLATFORMS
  ruby

DEPENDENCIES
  fakefs
  haml
  map_by_method
  rake
  rspec
  what_methods
